GEM
  remote: https://rubygems.org/
  specs:
    ansi (1.4.3)
    dotenv (1.0.2)
    hashie (3.3.2)
    itamae (1.1.1)
      ansi
      hashie
      specinfra (~> 2.1)
      thor
    itamae-node_env (0.0.2)
      itamae (~> 1.1.1)
    net-scp (1.2.1)
      net-ssh (>= 2.6.5)
    net-ssh (2.9.1)
    specinfra (2.11.2)
      net-scp
      net-ssh
    thor (0.19.1)

PLATFORMS
  ruby

DEPENDENCIES
  dotenv
  itamae-node_env
