PATH
  remote: /Users/nownabe/work/projects/itamae-node_env
  specs:
    itamae-node_env (0.0.5)
      itamae (>= 1.1.1, < 1.3.0)

GEM
  remote: https://rubygems.org/
  specs:
    ansi (1.5.0)
    dotenv (1.0.2)
    hashie (3.4.1)
    itamae (1.2.19)
      ansi
      hashie
      schash (~> 0.1.0)
      specinfra (>= 2.31.0, < 3.0.0)
      thor
    net-scp (1.2.1)
      net-ssh (>= 2.6.5)
    net-ssh (2.9.2)
    schash (0.1.1)
    specinfra (2.34.2)
      net-scp
      net-ssh
    thor (0.19.1)

PLATFORMS
  ruby

DEPENDENCIES
  dotenv
  itamae-node_env!
